GEM
  remote: http://rubygems.org/
  specs:
    activemodel (3.1.7)
      activesupport (= 3.1.7)
      builder (~> 3.0.0)
      i18n (~> 0.6)
    activesupport (3.1.7)
      multi_json (>= 1.0, < 1.3)
    bson (1.6.4)
    bson_ext (1.6.4)
      bson (~> 1.6.4)
    builder (3.0.0)
    curb (0.7.18)
    feedzirra (0.1.3)
      activesupport (~> 3.1.1)
      builder (>= 2.1.2)
      curb (~> 0.7.15)
      i18n (>= 0.5.0)
      loofah (~> 1.2.0)
      nokogiri (>= 1.4.4)
      rake (>= 0.8.7)
      rdoc (~> 3.8)
      sax-machine (~> 0.1.0)
    i18n (0.6.0)
    json (1.7.4)
    loofah (1.2.1)
      nokogiri (>= 1.4.4)
    mongoid (3.0.3)
      activemodel (~> 3.1)
      moped (~> 1.1)
      origin (~> 1.0)
      tzinfo (~> 0.3.22)
    moped (1.2.0)
    multi_json (1.2.0)
    nokogiri (1.5.5)
    origin (1.0.4)
    rake (0.9.2.2)
    rdoc (3.12)
      json (~> 1.4)
    sax-machine (0.1.0)
      nokogiri (> 0.0.0)
    tzinfo (0.3.33)

PLATFORMS
  ruby

DEPENDENCIES
  bson_ext
  feedzirra
  mongoid
  nokogiri
